GEM
  remote: https://rubygems.org/
  specs:
    rack (3.0.0)

PLATFORMS
  arm64-darwin-20

DEPENDENCIES
  rack (~> 3.0)

RUBY VERSION
   ruby 3.1.2p20

BUNDLED WITH
   2.3.25
